GIT
  remote: git@github.com:mark-moseley/linecache.git
  revision: 869c6a65155068415925067e480741bd0a71527e
  specs:
    linecache19 (0.5.12)
      ruby_core_source (>= 0.1.4)

GIT
  remote: git@github.com:mark-moseley/ruby-debug.git
  revision: 0172318534807298338b011bf369377926b6c18a
  specs:
    ruby-debug-base19 (0.12.0)
      columnize (>= 0.3.1)
      linecache19 (>= 0.5.11)
      ruby_core_source (>= 0.1.4)

PATH
  remote: .
  specs:
    lims-core (0.0.3)
      active_support
      aequitas
      facets (= 2.9.3)
      sequel
      uuid
      virtus (= 0.2.0)

GEM
  remote: http://rubygems.org/
  specs:
    ZenTest (4.8.1)
    active_support (3.0.0)
      activesupport (= 3.0.0)
    activesupport (3.0.0)
    aequitas (0.0.2)
    archive-tar-minitar (0.5.2)
    autotest (4.4.6)
      ZenTest (>= 4.4.1)
    autotest-fsevent (0.2.8)
      sys-uname
    autotest-growl (0.2.16)
    blankslate (2.1.2.4)
    bluecloth (2.2.0)
    columnize (0.3.6)
    diff-lcs (1.1.3)
    facets (2.9.3)
    ffi (1.0.11)
    gli (1.6.0)
    growl (1.0.3)
    guard (1.1.1)
      listen (>= 0.4.2)
      thor (>= 0.14.6)
    guard-bundler (1.0.0)
      bundler (~> 1.0)
      guard (~> 1.1)
    guard-rspec (1.1.0)
      guard (>= 1.1)
    guard-yard (2.0.0)
      guard (>= 1.1.0)
      yard (>= 0.7.0)
    json (1.7.3)
    listen (0.4.5)
      rb-fchange (~> 0.0.5)
      rb-fsevent (~> 0.9.1)
      rb-inotify (~> 0.8.8)
    macaddr (1.6.1)
      systemu (~> 2.5.0)
    nokogiri (1.5.4)
    parslet (1.4.0)
      blankslate (~> 2.0)
    rack (1.4.1)
    rack-protection (1.2.0)
      rack
    rb-fchange (0.0.5)
      ffi
    rb-fsevent (0.9.1)
    rb-inotify (0.8.8)
      ffi (>= 0.5.0)
    redcarpet (2.1.1)
    rspec (2.8.0)
      rspec-core (~> 2.8.0)
      rspec-expectations (~> 2.8.0)
      rspec-mocks (~> 2.8.0)
    rspec-core (2.8.0)
    rspec-expectations (2.8.0)
      diff-lcs (~> 1.1.2)
    rspec-mocks (2.8.0)
    ruby-debug19 (0.11.6)
      columnize (>= 0.3.1)
      linecache19 (>= 0.5.11)
      ruby-debug-base19 (>= 0.11.19)
    ruby_core_source (0.1.5)
      archive-tar-minitar (>= 0.5.2)
    sequel (3.36.1)
    showoff (0.7.0)
      bluecloth
      gli (>= 1.3.2)
      json
      nokogiri
      parslet
      sinatra
    sinatra (1.3.2)
      rack (~> 1.3, >= 1.3.6)
      rack-protection (~> 1.2)
      tilt (~> 1.3, >= 1.3.3)
    sqlite3 (1.3.6)
    sys-uname (0.9.0)
      ffi (>= 1.0.0)
    systemu (2.5.1)
    thor (0.15.2)
    tilt (1.3.3)
    uuid (2.3.5)
      macaddr (~> 1.0)
    virtus (0.2.0)
    yard (0.8.2.1)
    yard-rspec (0.1)
      yard

PLATFORMS
  ruby

DEPENDENCIES
  autotest
  autotest-fsevent
  autotest-growl
  growl
  guard
  guard-bundler
  guard-rspec
  guard-yard
  lims-core!
  linecache19!
  redcarpet
  rspec (~> 2.8.0)
  ruby-debug-base19!
  ruby-debug19
  showoff
  sqlite3
  yard (>= 0.7.0)
  yard-rspec (= 0.1)
