GIT
  remote: git@github.com:mark-moseley/linecache.git
  revision: 869c6a65155068415925067e480741bd0a71527e
  specs:
    linecache19 (0.5.12)
      ruby_core_source (>= 0.1.4)

GIT
  remote: git@github.com:mark-moseley/ruby-debug.git
  revision: 0172318534807298338b011bf369377926b6c18a
  specs:
    ruby-debug-base19 (0.12.0)
      columnize (>= 0.3.1)
      linecache19 (>= 0.5.11)
      ruby_core_source (>= 0.1.4)

PATH
  remote: .
  specs:
    lims-core (0.0.1)
      active_support
      aequitas
      facets (= 2.9.3)
      sequel
      virtus (= 0.2.0)

GEM
  remote: http://rubygems.org/
  specs:
    ZenTest (4.7.0)
    active_support (3.0.0)
      activesupport (= 3.0.0)
    activesupport (3.0.0)
    aequitas (0.0.2)
    archive-tar-minitar (0.5.2)
    autotest (4.4.6)
      ZenTest (>= 4.4.1)
    autotest-fsevent (0.2.8)
      sys-uname
    autotest-growl (0.2.16)
    columnize (0.3.6)
    diff-lcs (1.1.3)
    facets (2.9.3)
    ffi (1.0.11)
    growl (1.0.3)
    guard (1.0.1)
      ffi (>= 0.5.0)
      thor (~> 0.14.6)
    guard-bundler (0.1.3)
      bundler (>= 1.0.0)
      guard (>= 0.2.2)
    guard-rspec (0.7.0)
      guard (>= 0.10.0)
    guard-yard (1.0.2)
      guard (>= 0.2.2)
      yard (>= 0.7.0)
    redcarpet (2.1.1)
    rspec (2.8.0)
      rspec-core (~> 2.8.0)
      rspec-expectations (~> 2.8.0)
      rspec-mocks (~> 2.8.0)
    rspec-core (2.8.0)
    rspec-expectations (2.8.0)
      diff-lcs (~> 1.1.2)
    rspec-mocks (2.8.0)
    ruby-debug19 (0.11.6)
      columnize (>= 0.3.1)
      linecache19 (>= 0.5.11)
      ruby-debug-base19 (>= 0.11.19)
    ruby_core_source (0.1.5)
      archive-tar-minitar (>= 0.5.2)
    sequel (3.34.1)
    sqlite3 (1.3.6)
    sys-uname (0.9.0)
      ffi (>= 1.0.0)
    thor (0.14.6)
    virtus (0.2.0)
    yard (0.7.5)
    yard-rspec (0.1)
      yard

PLATFORMS
  ruby

DEPENDENCIES
  autotest
  autotest-fsevent
  autotest-growl
  growl
  guard
  guard-bundler
  guard-rspec
  guard-yard
  lims-core!
  linecache19!
  redcarpet
  rspec (~> 2.8.0)
  ruby-debug-base19!
  ruby-debug19
  sqlite3
  yard (>= 0.7.0)
  yard-rspec (= 0.1)
