PATH
  remote: .
  specs:
    lims-core (1.0.2)
      active_support
      aequitas
      bunny (= 0.9.0.pre4)
      facets (= 2.9.3)
      sequel
      state_machine
      uuid
      virtus (= 0.2.0)

GEM
  remote: http://rubygems.org/
  specs:
    ZenTest (4.8.1)
    active_support (3.0.0)
      activesupport (= 3.0.0)
    activesupport (3.0.0)
    aequitas (0.0.2)
    amq-protocol (1.1.0)
    autotest (4.4.6)
      ZenTest (>= 4.4.1)
    autotest-fsevent (0.2.8)
      sys-uname
    autotest-growl (0.2.16)
    blankslate (2.1.2.4)
    bluecloth (2.2.0)
    bond (0.4.2)
    bunny (0.9.0.pre4)
      amq-protocol (>= 1.0.1)
    coderay (1.0.7)
    columnize (0.3.6)
    debugger (1.2.0)
      columnize (>= 0.3.1)
      debugger-linecache (~> 1.1.1)
      debugger-ruby_core_source (~> 1.1.3)
    debugger-completion (1.0.0)
      bond (>= 0.4.2)
      debugger (~> 1.1)
    debugger-linecache (1.1.2)
      debugger-ruby_core_source (>= 1.1.1)
    debugger-pry (0.1.1)
      debugger (~> 1)
      pry (>= 0.9.9)
    debugger-ruby_core_source (1.1.3)
    diff-lcs (1.1.3)
    facets (2.9.3)
    ffi (1.1.5)
    gli (1.6.0)
    guard (1.4.0)
      listen (>= 0.4.2)
      thor (>= 0.14.6)
    guard-bundler (1.0.0)
      bundler (~> 1.0)
      guard (~> 1.1)
    guard-rspec (1.1.0)
      guard (>= 1.1)
    guard-yard (2.0.0)
      guard (>= 1.1.0)
      yard (>= 0.7.0)
    json (1.7.3)
    listen (0.5.3)
    macaddr (1.6.1)
      systemu (~> 2.5.0)
    method_source (0.8)
    nokogiri (1.5.4)
    parslet (1.4.0)
      blankslate (~> 2.0)
    pry (0.9.10)
      coderay (~> 1.0.5)
      method_source (~> 0.8)
      slop (~> 3.3.1)
    rack (1.4.1)
    rack-protection (1.2.0)
      rack
    rake (10.0.1)
    rb-fsevent (0.9.1)
    redcarpet (2.1.1)
    rspec (2.8.0)
      rspec-core (~> 2.8.0)
      rspec-expectations (~> 2.8.0)
      rspec-mocks (~> 2.8.0)
    rspec-core (2.8.0)
    rspec-expectations (2.8.0)
      diff-lcs (~> 1.1.2)
    rspec-mocks (2.8.0)
    ruby-graphviz (1.0.8)
    sequel (3.43.0)
    showoff (0.7.0)
      bluecloth
      gli (>= 1.3.2)
      json
      nokogiri
      parslet
      sinatra
    sinatra (1.3.2)
      rack (~> 1.3, >= 1.3.6)
      rack-protection (~> 1.2)
      tilt (~> 1.3, >= 1.3.3)
    slop (3.3.2)
    sqlite3 (1.3.6)
    state_machine (1.1.2)
    sys-uname (0.9.0)
      ffi (>= 1.0.0)
    systemu (2.5.2)
    terminal-notifier-guard (1.5.3)
    thor (0.15.2)
    tilt (1.3.3)
    uuid (2.3.6)
      macaddr (~> 1.0)
    virtus (0.2.0)
    yard (0.7.3)
    yard-rspec (0.1)
      yard
    yard-state_machine (0.0.1)
      ruby-graphviz (~> 1.0.0)
      yard (~> 0.7.3)

PLATFORMS
  ruby

DEPENDENCIES
  autotest
  autotest-fsevent
  autotest-growl
  debugger
  debugger-completion
  debugger-pry
  guard (>= 1.3.0)
  guard-bundler
  guard-rspec
  guard-yard
  lims-core!
  rake
  rb-fsevent (~> 0.9.1)
  redcarpet
  rspec (~> 2.8.0)
  ruby-graphviz
  showoff
  sqlite3
  terminal-notifier-guard
  yard (= 0.7.3)
  yard-rspec (= 0.1)
  yard-state_machine
